GIT
  remote: git://github.com/clowder/foreman.git
  revision: 209571ec157216ce2859107afc9e1165ae6a2a54
  branch: plugable_exports
  specs:
    foreman (0.33.0)
      term-ansicolor (~> 1.0.5)
      thor (>= 0.13.6)

PATH
  remote: .
  specs:
    foreman-export-nature (0.0.1)

GEM
  remote: http://rubygems.org/
  specs:
    ZenTest (4.4.2)
    diff-lcs (1.1.3)
    fuubar (0.0.6)
      rspec (~> 2.0)
      rspec-instafail (~> 0.1.8)
      ruby-progressbar (~> 0.0.10)
    rspec (2.8.0)
      rspec-core (~> 2.8.0)
      rspec-expectations (~> 2.8.0)
      rspec-mocks (~> 2.8.0)
    rspec-core (2.8.0)
    rspec-expectations (2.8.0)
      diff-lcs (~> 1.1.2)
    rspec-instafail (0.1.8)
    rspec-mocks (2.8.0)
    ruby-progressbar (0.0.10)
    term-ansicolor (1.0.7)
    thor (0.14.6)

PLATFORMS
  ruby

DEPENDENCIES
  ZenTest (~> 4.4.2)
  foreman!
  foreman-export-nature!
  fuubar
  rspec (~> 2.8.0)
